GIT
  remote: https://github.com/thomas-mcdonald/bootstrap-sass.git
  revision: efab96f854dc8b08d46297b9af313fbe815124ac
  specs:
    bootstrap-sass (3.0.2.1)
      sass (~> 3.2)

GEM
  remote: http://yarp.dev/
  specs:
    RedCloth (4.2.9)
    chunky_png (1.2.9)
    classifier (1.3.3)
      fast-stemmer (>= 1.0.0)
    coderay (1.1.0)
    colorator (0.1)
    commander (4.1.5)
      highline (~> 1.6.11)
    compass (0.12.2)
      chunky_png (~> 1.2)
      fssm (>= 0.2.7)
      sass (~> 3.1)
    fast-stemmer (1.0.2)
    ffi (1.9.3)
    fssm (0.2.10)
    github-pages (10)
      RedCloth (= 4.2.9)
      jekyll (= 1.3.0)
      kramdown (= 1.2.0)
      liquid (= 2.5.4)
      maruku (= 0.6.1)
      rdiscount (= 2.1.7)
      redcarpet (= 2.3.0)
    haml (4.0.4)
      tilt
    highline (1.6.20)
    jekyll (1.3.0)
      classifier (~> 1.3)
      colorator (~> 0.1)
      commander (~> 4.1.3)
      liquid (~> 2.5.2)
      listen (~> 1.3)
      maruku (~> 0.6.0)
      pygments.rb (~> 0.5.0)
      redcarpet (~> 2.3.0)
      safe_yaml (~> 0.9.7)
    kramdown (1.2.0)
    liquid (2.5.4)
    listen (1.3.1)
      rb-fsevent (>= 0.9.3)
      rb-inotify (>= 0.9)
      rb-kqueue (>= 0.2)
    maruku (0.6.1)
      syntax (>= 1.0.0)
    method_source (0.8.2)
    posix-spawn (0.3.6)
    pry (0.9.12.3)
      coderay (~> 1.0)
      method_source (~> 0.8)
      slop (~> 3.4)
    pygments.rb (0.5.4)
      posix-spawn (~> 0.3.6)
      yajl-ruby (~> 1.1.0)
    rake (10.1.0)
    rb-fsevent (0.9.3)
    rb-inotify (0.9.2)
      ffi (>= 0.5.0)
    rb-kqueue (0.2.0)
      ffi (>= 0.5.0)
    rdiscount (2.1.7)
    redcarpet (2.3.0)
    safe_yaml (0.9.7)
    sass (3.2.12)
    slop (3.4.7)
    syntax (1.0.0)
    tilt (1.4.1)
    yajl-ruby (1.1.0)

PLATFORMS
  ruby

DEPENDENCIES
  bootstrap-sass!
  compass
  github-pages
  haml
  listen
  pry
  rake
  rb-fsevent
