GIT
  remote: https://github.com/thomas-mcdonald/bootstrap-sass.git
  revision: c0e12a90ba3e44ab68d3f153411fba3edc400b2a
  specs:
    bootstrap-sass (3.0.0.0)
      sass (~> 3.2)

GEM
  remote: http://yarp.dev/
  specs:
    RedCloth (4.2.9)
    chunky_png (1.2.8)
    classifier (1.3.3)
      fast-stemmer (>= 1.0.0)
    coderay (1.0.9)
    colorator (0.1)
    commander (4.1.5)
      highline (~> 1.6.11)
    compass (0.12.2)
      chunky_png (~> 1.2)
      fssm (>= 0.2.7)
      sass (~> 3.1)
    directory_watcher (1.4.1)
    fast-stemmer (1.0.2)
    ffi (1.9.0)
    fssm (0.2.10)
    github-pages (6)
      RedCloth (= 4.2.9)
      jekyll (= 1.2.1)
      kramdown (= 1.0.2)
      liquid (= 2.5.2)
      maruku (= 0.6.1)
      rdiscount (= 1.6.8)
      redcarpet (= 2.3.0)
    haml (4.0.3)
      tilt
    highline (1.6.19)
    jekyll (1.2.1)
      classifier (~> 1.3)
      colorator (~> 0.1)
      commander (~> 4.1.3)
      directory_watcher (~> 1.4.1)
      liquid (~> 2.5.2)
      maruku (~> 0.5)
      pygments.rb (~> 0.5.0)
      redcarpet (~> 2.3.0)
      safe_yaml (~> 0.7.0)
    kramdown (1.0.2)
    liquid (2.5.2)
    listen (1.3.1)
      rb-fsevent (>= 0.9.3)
      rb-inotify (>= 0.9)
      rb-kqueue (>= 0.2)
    maruku (0.6.1)
      syntax (>= 1.0.0)
    method_source (0.8.2)
    posix-spawn (0.3.6)
    pry (0.9.12.2)
      coderay (~> 1.0.5)
      method_source (~> 0.8)
      slop (~> 3.4)
    pygments.rb (0.5.2)
      posix-spawn (~> 0.3.6)
      yajl-ruby (~> 1.1.0)
    rake (10.1.0)
    rb-fsevent (0.9.3)
    rb-inotify (0.9.2)
      ffi (>= 0.5.0)
    rb-kqueue (0.2.0)
      ffi (>= 0.5.0)
    rdiscount (1.6.8)
    redcarpet (2.3.0)
    safe_yaml (0.7.1)
    sass (3.2.11)
    slop (3.4.6)
    syntax (1.0.0)
    tilt (1.4.1)
    yajl-ruby (1.1.0)

PLATFORMS
  ruby

DEPENDENCIES
  bootstrap-sass!
  compass
  github-pages
  haml
  listen
  pry
  rake
  rb-fsevent
