GIT
  remote: https://github.com/thomas-mcdonald/bootstrap-sass.git
  revision: 452506d6be0827ca1451e3732ce6eec9f87ce547
  specs:
    bootstrap-sass (3.2.0.2)
      sass (~> 3.2)

GEM
  remote: https://rubygems.org/
  specs:
    RedCloth (4.2.9)
    activesupport (4.2.4)
      i18n (~> 0.7)
      json (~> 1.7, >= 1.7.7)
      minitest (~> 5.1)
      thread_safe (~> 0.3, >= 0.3.4)
      tzinfo (~> 1.1)
    blankslate (2.1.2.4)
    chunky_png (1.3.2)
    classifier-reborn (2.0.3)
      fast-stemmer (~> 1.0)
    coderay (1.1.0)
    coffee-script (2.4.1)
      coffee-script-source
      execjs
    coffee-script-source (1.9.1.1)
    colorator (0.1)
    colored (1.2)
    compass (1.0.1)
      chunky_png (~> 1.2)
      compass-core (~> 1.0.1)
      compass-import-once (~> 1.0.5)
      rb-fsevent (>= 0.9.3)
      rb-inotify (>= 0.9)
      sass (>= 3.3.13, < 3.5)
    compass-core (1.0.1)
      multi_json (~> 1.0)
      sass (>= 3.3.0, < 3.5)
    compass-import-once (1.0.5)
      sass (>= 3.2, < 3.5)
    ethon (0.7.1)
      ffi (>= 1.3.0)
    execjs (2.6.0)
    fast-stemmer (1.0.2)
    ffi (1.9.10)
    gemoji (2.1.0)
    github-pages (39)
      RedCloth (= 4.2.9)
      github-pages-health-check (~> 0.2)
      jekyll (= 2.4.0)
      jekyll-coffeescript (= 1.0.1)
      jekyll-feed (= 0.3.1)
      jekyll-mentions (= 0.2.1)
      jekyll-redirect-from (= 0.8.0)
      jekyll-sass-converter (= 1.3.0)
      jekyll-sitemap (= 0.8.1)
      jemoji (= 0.5.0)
      kramdown (= 1.5.0)
      liquid (= 2.6.2)
      maruku (= 0.7.0)
      mercenary (~> 0.3)
      pygments.rb (= 0.6.3)
      rdiscount (= 2.1.7)
      redcarpet (= 3.3.2)
      terminal-table (~> 1.4)
    github-pages-health-check (0.3.1)
      net-dns (~> 0.6)
      public_suffix (~> 1.4)
    haml (4.0.5)
      tilt
    html-pipeline (1.9.0)
      activesupport (>= 2)
      nokogiri (~> 1.4)
    html-proofer (1.4.0)
      colored (~> 1.2)
      mercenary (~> 0.3.2)
      nokogiri (~> 1.5)
      parallel (~> 1.3)
      typhoeus (~> 0.6.7)
      yell (~> 2.0)
    i18n (0.7.0)
    jekyll (2.4.0)
      classifier-reborn (~> 2.0)
      colorator (~> 0.1)
      jekyll-coffeescript (~> 1.0)
      jekyll-gist (~> 1.0)
      jekyll-paginate (~> 1.0)
      jekyll-sass-converter (~> 1.0)
      jekyll-watch (~> 1.1)
      kramdown (~> 1.3)
      liquid (~> 2.6.1)
      mercenary (~> 0.3.3)
      pygments.rb (~> 0.6.0)
      redcarpet (~> 3.1)
      safe_yaml (~> 1.0)
      toml (~> 0.1.0)
    jekyll-coffeescript (1.0.1)
      coffee-script (~> 2.2)
    jekyll-feed (0.3.1)
    jekyll-gist (1.3.4)
    jekyll-mentions (0.2.1)
      html-pipeline (~> 1.9.0)
      jekyll (~> 2.0)
    jekyll-paginate (1.1.0)
    jekyll-redirect-from (0.8.0)
      jekyll (>= 2.0)
    jekyll-sass-converter (1.3.0)
      sass (~> 3.2)
    jekyll-sitemap (0.8.1)
    jekyll-watch (1.3.0)
      listen (~> 3.0)
    jemoji (0.5.0)
      gemoji (~> 2.0)
      html-pipeline (~> 1.9)
      jekyll (>= 2.0)
    json (1.8.3)
    kramdown (1.5.0)
    liquid (2.6.2)
    listen (3.0.3)
      rb-fsevent (>= 0.9.3)
      rb-inotify (>= 0.9)
    maruku (0.7.0)
    mercenary (0.3.5)
    method_source (0.8.2)
    mini_portile (0.6.2)
    minitest (5.8.1)
    multi_json (1.10.1)
    net-dns (0.8.0)
    nokogiri (1.6.6.2)
      mini_portile (~> 0.6.0)
    parallel (1.3.3)
    parslet (1.5.0)
      blankslate (~> 2.0)
    posix-spawn (0.3.11)
    pry (0.10.1)
      coderay (~> 1.1.0)
      method_source (~> 0.8.1)
      slop (~> 3.4)
    public_suffix (1.5.1)
    pygments.rb (0.6.3)
      posix-spawn (~> 0.3.6)
      yajl-ruby (~> 1.2.0)
    rake (10.3.2)
    rb-fsevent (0.9.6)
    rb-inotify (0.9.5)
      ffi (>= 0.5.0)
    rdiscount (2.1.7)
    redcarpet (3.3.2)
    safe_yaml (1.0.4)
    sass (3.4.18)
    slop (3.6.0)
    terminal-table (1.5.2)
    thread_safe (0.3.5)
    tilt (2.0.1)
    toml (0.1.2)
      parslet (~> 1.5.0)
    typhoeus (0.6.9)
      ethon (>= 0.7.1)
    tzinfo (1.2.2)
      thread_safe (~> 0.1)
    yajl-ruby (1.2.1)
    yell (2.0.5)

PLATFORMS
  ruby

DEPENDENCIES
  bootstrap-sass!
  compass
  github-pages
  haml
  html-proofer
  listen
  pry
  rake
  rb-fsevent

BUNDLED WITH
   1.10.6
